GIT
  remote: https://github.com/hanklords/flickraw.git
  revision: 76d0295b0141b2775693629ffe4dceda53e50351
  specs:
    flickraw (0.9.3)

GEM
  remote: http://rubygems.org/
  specs:
    activesupport (3.1.1)
      multi_json (~> 1.0)
    albino (1.3.3)
      posix-spawn (>= 0.3.6)
    classifier (1.3.3)
      fast-stemmer (>= 1.0.0)
    directory_watcher (1.4.1)
    fast-stemmer (1.0.0)
    i18n (0.6.0)
    jekyll (0.11.0)
      albino (>= 1.3.2)
      classifier (>= 1.3.1)
      directory_watcher (>= 1.1.1)
      kramdown (>= 0.13.2)
      liquid (>= 1.9.0)
      maruku (>= 0.5.9)
    kramdown (0.13.3)
    liquid (2.2.2)
    maruku (0.6.0)
      syntax (>= 1.0.0)
    multi_json (1.0.3)
    posix-spawn (0.3.6)
    powder (0.1.6)
      thor (>= 0.11.5)
    rake (0.9.2.2)
    rdiscount (1.6.8)
    russian (0.6.0)
      i18n (>= 0.5.0)
    syntax (1.0.0)
    thor (0.14.6)

PLATFORMS
  ruby

DEPENDENCIES
  activesupport
  flickraw!
  i18n
  jekyll
  powder
  rake
  rdiscount
  russian
